PATH
  remote: .
  specs:
    binflip (0.0.2)

GEM
  remote: http://rubygems.org/
  specs:
    coderay (1.0.5)
    metaclass (0.0.1)
    method_source (0.7.1)
    mocha (0.11.0)
      metaclass (~> 0.0.1)
    pry (0.9.8.2)
      coderay (~> 1.0.5)
      method_source (~> 0.7)
      slop (>= 2.4.4, < 3)
    rake (0.9.2.2)
    redis (2.2.2)
    rollout (1.1.0)
    slop (2.4.4)

PLATFORMS
  ruby

DEPENDENCIES
  binflip!
  mocha
  pry
  rake
  redis
  rollout
