PATH
  remote: .
  specs:
    binflip (0.0.1)
      rake (~> 0.9.2)

GEM
  remote: http://rubygems.org/
  specs:
    rake (0.9.2)

PLATFORMS
  ruby

DEPENDENCIES
  binflip!
  rake (~> 0.9.2)
