PATH
  remote: .
  specs:
    binflip (0.0.3)

GEM
  remote: http://rubygems.org/
  specs:
    addressable (2.2.8)
    childprocess (0.3.2)
      ffi (~> 1.0.6)
    coderay (1.0.5)
    diff-lcs (1.1.3)
    ffi (1.0.11)
    jasmine (1.2.0)
      jasmine-core (>= 1.2.0)
      rack (~> 1.0)
      rspec (>= 1.3.1)
      selenium-webdriver (>= 0.1.3)
    jasmine-core (1.2.0)
    libwebsocket (0.1.3)
      addressable
    metaclass (0.0.1)
    method_source (0.7.1)
    mocha (0.11.0)
      metaclass (~> 0.0.1)
    multi_json (1.3.5)
    pry (0.9.8.2)
      coderay (~> 1.0.5)
      method_source (~> 0.7)
      slop (>= 2.4.4, < 3)
    rack (1.4.1)
    rake (0.9.2.2)
    redis (2.2.2)
    rollout (1.1.0)
    rspec (2.10.0)
      rspec-core (~> 2.10.0)
      rspec-expectations (~> 2.10.0)
      rspec-mocks (~> 2.10.0)
    rspec-core (2.10.0)
    rspec-expectations (2.10.0)
      diff-lcs (~> 1.1.3)
    rspec-mocks (2.10.1)
    rubyzip (0.9.8)
    selenium-webdriver (2.21.2)
      childprocess (>= 0.2.5)
      ffi (~> 1.0)
      libwebsocket (~> 0.1.3)
      multi_json (~> 1.0)
      rubyzip
    slop (2.4.4)

PLATFORMS
  ruby

DEPENDENCIES
  binflip!
  jasmine
  mocha
  pry
  rake
  redis
  rollout
